PATH
  remote: .
  specs:
    EndlessWaffleCLI (0.1.5)
      bundler (~> 1.12)
      colorize (~> 0.8.1)
      console_table (~> 0.2.4)
      em-http-request (~> 1.1, >= 1.1.5)
      eventmachine (~> 1.2, >= 1.2.0.1)
      highline (~> 1.7, >= 1.7.8)
      mime-types (~> 3.1)
      net-ssh (~> 3.2)
      net-ssh-gateway (~> 1.2)
      net-ssh-multi (~> 1.2, >= 1.2.1)
      rake (~> 10.0)
      rest-client (~> 2.0)
      unf (~> 0.1.4)
      unf_ext (~> 0.0.7.2)

GEM
  remote: https://rubygems.org/
  specs:
    addressable (2.4.0)
    colorize (0.8.1)
    console_table (0.2.4)
      ruby-terminfo (~> 0.1)
    cookiejar (0.3.3)
    domain_name (0.5.20160615)
      unf (>= 0.0.5, < 1.0.0)
    em-http-request (1.1.5)
      addressable (>= 2.3.4)
      cookiejar (!= 0.3.1)
      em-socksify (>= 0.3)
      eventmachine (>= 1.0.3)
      http_parser.rb (>= 0.6.0)
    em-socksify (0.3.1)
      eventmachine (>= 1.0.0.beta.4)
    eventmachine (1.2.0.1)
    highline (1.7.8)
    http-cookie (1.0.2)
      domain_name (~> 0.5)
    http_parser.rb (0.6.0)
    mime-types (3.1)
      mime-types-data (~> 3.2015)
    mime-types-data (3.2016.0521)
    net-ssh (3.2.0)
    net-ssh-gateway (1.2.0)
      net-ssh (>= 2.6.5)
    net-ssh-multi (1.2.1)
      net-ssh (>= 2.6.5)
      net-ssh-gateway (>= 1.2.0)
    netrc (0.11.0)
    rake (10.5.0)
    rest-client (2.0.0)
      http-cookie (>= 1.0.2, < 2.0)
      mime-types (>= 1.16, < 4.0)
      netrc (~> 0.8)
    ruby-terminfo (0.1.1)
    unf (0.1.4)
      unf_ext
    unf_ext (0.0.7.2)

PLATFORMS
  ruby

DEPENDENCIES
  EndlessWaffleCLI!

BUNDLED WITH
   1.12.5
